PATH
  remote: .
  specs:
    jot-helpers (1.0.0)
      jwt (~> 2)

GEM
  remote: https://rubygems.org/
  specs:
    diff-lcs (1.5.0)
    jwt (2.3.0)
    rake (13.0.6)
    rspec (3.12.0)
      rspec-core (~> 3.12.0)
      rspec-expectations (~> 3.12.0)
      rspec-mocks (~> 3.12.0)
    rspec-core (3.12.2)
      rspec-support (~> 3.12.0)
    rspec-expectations (3.12.3)
      diff-lcs (>= 1.2.0, < 2.0)
      rspec-support (~> 3.12.0)
    rspec-mocks (3.12.5)
      diff-lcs (>= 1.2.0, < 2.0)
      rspec-support (~> 3.12.0)
    rspec-support (3.12.1)
    timecop (0.9.6)

PLATFORMS
  arm64-darwin-21
  x86_64-linux

DEPENDENCIES
  jot-helpers!
  rake (~> 13.0)
  rspec (~> 3.0)
  timecop

BUNDLED WITH
   2.4.14
